GEM
  remote: https://rubygems.org/
  specs:
    dotenv (2.1.0)
    httpclient (2.7.1)
    rake (11.1.1)

PLATFORMS
  ruby

DEPENDENCIES
  dotenv
  httpclient
  rake

BUNDLED WITH
   1.11.2
